NUGET
  remote: https://www.nuget.org/api/v2
  specs:
    Persimmon.Console (1.1)
    Rx-Core (2.2.5)
      Rx-Interfaces (>= 2.2.5)
    Rx-Interfaces (2.2.5)
    Rx-Linq (2.2.5)
      Rx-Core (>= 2.2.5)
      Rx-Interfaces (>= 2.2.5)
GITHUB
  remote: persimmon-projects/Persimmon
  specs:
    src/Persimmon.Console/Args.fs (cdba2509e5d48e4cdd47f292f3578b00371c85fc)
