NUGET
  remote: https://www.nuget.org/api/v2
    Persimmon.Console (1.2)
    Rx-Core (2.2.5)
      Rx-Interfaces (>= 2.2.5)
    Rx-Interfaces (2.2.5)
    Rx-Linq (2.2.5)
      Rx-Core (>= 2.2.5)
      Rx-Interfaces (>= 2.2.5)
GITHUB
  remote: persimmon-projects/Persimmon
    src/Persimmon.Console/Args.fs (c8fdf2416118f7b57d3daa2a06cca71fac3912e4)