RESTRICTION: == net46
NUGET
  remote: https://www.nuget.org/api/v2
    FSharp.Control.Reactive (4.1)
      FSharp.Core (>= 4.2.3)
      System.Reactive (>= 4.0)
    FSharp.Core (4.3.4)
    Persimmon (4.0.1)
      FSharp.Core (>= 3.1.2.5)
    Persimmon.Console (4.0.1)
    Persimmon.Runner (4.0.1)
      FSharp.Core (>= 3.1.2.5)
    System.Reactive (4.0)
GITHUB
  remote: persimmon-projects/Persimmon
    src/Persimmon.Console/Args.fs (40dddf923b0964db6d72f89815a9a65f334ef374)