RESTRICTION: == net45
NUGET
  remote: https://www.nuget.org/api/v2
    FSharp.Control.Reactive (3.5)
      System.Reactive (>= 3.0)
    FSharp.Core (4.2.3)
    Persimmon (3.1.1)
      FSharp.Core (>= 3.1.2.5)
    Persimmon.Console (3.1.1)
    Persimmon.Runner (3.1.1)
      Persimmon (>= 3.1.1)
    System.Reactive (3.1.1)
      System.Reactive.PlatformServices (>= 3.1.1)
      System.Reactive.Windows.Threading (>= 3.1.1)
    System.Reactive.Core (3.1.1)
      System.Reactive.Interfaces (>= 3.1.1)
    System.Reactive.Interfaces (3.1.1)
    System.Reactive.Linq (3.1.1)
      System.Reactive.Core (>= 3.1.1)
    System.Reactive.PlatformServices (3.1.1)
      System.Reactive.Linq (>= 3.1.1)
    System.Reactive.Windows.Threading (3.1.1)
      System.Reactive.Core (>= 3.1.1)
GITHUB
  remote: persimmon-projects/Persimmon
    src/Persimmon.Console/Args.fs (1f8c6ef97382db955a8b195e704fe1a8fc3301d6)