NUGET
  remote: https://www.nuget.org/api/v2
    Persimmon.Console (2.0.1)
    Rx-Core (2.2.5)
      Rx-Interfaces (>= 2.2.5)
    Rx-Interfaces (2.2.5)
    Rx-Linq (2.2.5)
      Rx-Core (>= 2.2.5)
      Rx-Interfaces (>= 2.2.5)
GITHUB
  remote: persimmon-projects/Persimmon
    src/Persimmon.Console/Args.fs (7e263b21b9a2434ccca7f47c0244654b8f9e68c2)